GEM
  remote: https://rubygems.org/
  specs:
    backports (3.3.0)
    jsmin (1.0.1)
    rack (1.5.2)
    rack-protection (1.5.0)
      rack
    rack-ssl (1.3.3)
      rack
    rack-test (0.6.2)
      rack (>= 1.0)
    rake (10.0.4)
    sinatra (1.4.2)
      rack (~> 1.5, >= 1.5.2)
      rack-protection (~> 1.4)
      tilt (~> 1.3, >= 1.3.4)
    sinatra-assetpack (0.2.1)
      backports
      jsmin
      rack-test
      sinatra
      tilt (>= 1.3.0)
    tilt (1.3.7)

PLATFORMS
  ruby

DEPENDENCIES
  rack-ssl
  rake
  sinatra
  sinatra-assetpack
